GEM
  remote: https://rubygems.org/
  specs:
    addressable (2.8.0)
      public_suffix (>= 2.0.2, < 5.0)
    faraday (1.0.0)
      multipart-post (>= 1.2, < 3)
    highline (2.0.3)
    json (2.3.0)
    multipart-post (2.1.1)
    octokit (4.15.0)
      faraday (>= 0.9)
      sawyer (~> 0.8.0, >= 0.5.3)
    optimist (3.0.0)
    public_suffix (4.0.6)
    rb-scpt (1.0.3)
    sawyer (0.8.2)
      addressable (>= 2.3.5)
      faraday (> 0.8, < 2.0)

PLATFORMS
  ruby

DEPENDENCIES
  highline
  json
  octokit (~> 4.0)
  optimist
  rb-scpt

BUNDLED WITH
   2.1.4
