GEM
  remote: https://rubygems.org/
  specs:
    addressable (2.6.0)
      public_suffix (>= 2.0.2, < 4.0)
    faraday (0.15.4)
      multipart-post (>= 1.2, < 3)
    highline (2.0.2)
    json (2.2.0)
    multipart-post (2.1.1)
    octokit (4.14.0)
      sawyer (~> 0.8.0, >= 0.5.3)
    optimist (3.0.0)
    public_suffix (3.1.1)
    rb-scpt (1.0.3)
    sawyer (0.8.2)
      addressable (>= 2.3.5)
      faraday (> 0.8, < 2.0)

PLATFORMS
  ruby

DEPENDENCIES
  highline
  json
  octokit (~> 4.0)
  optimist
  rb-scpt

BUNDLED WITH
   1.17.3
